PATH
  remote: .
  specs:
    tutorial (0.1.0)
      watir (= 6.16)
      webdrivers (~> 4.0)

GEM
  remote: https://rubygems.org/
  specs:
    ast (2.4.2)
    childprocess (3.0.0)
    diff-lcs (1.5.0)
    json (2.6.2)
    nokogiri (1.13.8-x64-mingw32)
      racc (~> 1.4)
    parallel (1.22.1)
    parser (3.1.2.1)
      ast (~> 2.4.1)
    racc (1.6.0)
    rainbow (3.1.1)
    rake (13.0.6)
    regexp_parser (1.8.2)
    rexml (3.2.5)
    rspec (3.11.0)
      rspec-core (~> 3.11.0)
      rspec-expectations (~> 3.11.0)
      rspec-mocks (~> 3.11.0)
    rspec-core (3.11.0)
      rspec-support (~> 3.11.0)
    rspec-expectations (3.11.1)
      diff-lcs (>= 1.2.0, < 2.0)
      rspec-support (~> 3.11.0)
    rspec-mocks (3.11.1)
      diff-lcs (>= 1.2.0, < 2.0)
      rspec-support (~> 3.11.0)
    rspec-support (3.11.1)
    rubocop (1.35.1)
      json (~> 2.3)
      parallel (~> 1.10)
      parser (>= 3.1.2.1)
      rainbow (>= 2.2.2, < 4.0)
      regexp_parser (>= 1.8, < 3.0)
      rexml (>= 3.2.5, < 4.0)
      rubocop-ast (>= 1.20.1, < 2.0)
      ruby-progressbar (~> 1.7)
      unicode-display_width (>= 1.4.0, < 3.0)
    rubocop-ast (1.21.0)
      parser (>= 3.1.1.0)
    rubocop-performance (1.14.3)
      rubocop (>= 1.7.0, < 2.0)
      rubocop-ast (>= 0.4.0)
    ruby-progressbar (1.11.0)
    rubyzip (2.3.2)
    selenium-webdriver (3.142.7)
      childprocess (>= 0.5, < 4.0)
      rubyzip (>= 1.2.2)
    standard (1.16.1)
      rubocop (= 1.35.1)
      rubocop-performance (= 1.14.3)
    unicode-display_width (2.3.0)
    watir (6.16.0)
      regexp_parser (~> 1.2)
      selenium-webdriver (~> 3.6)
    webdrivers (4.7.0)
      nokogiri (~> 1.6)
      rubyzip (>= 1.3.0)
      selenium-webdriver (> 3.141, < 5.0)

PLATFORMS
  x64-mingw32

DEPENDENCIES
  rake (~> 13.0)
  rspec (~> 3.0)
  standard (~> 1.3)
  tutorial!

BUNDLED WITH
   1.17.2
